PATH
  remote: .
  specs:
    viral_seq (1.6.5)
      colorize (~> 0.1)
      combine_pdf (~> 1.0, >= 1.0.0)
      muscle_bio (~> 0.5)
      prawn (~> 2.3, >= 2.3.0)
      prawn-table (~> 0.2, >= 0.2.0)

GEM
  remote: https://rubygems.org/
  specs:
    colorize (0.8.1)
    combine_pdf (1.0.21)
      ruby-rc4 (>= 0.1.5)
    diff-lcs (1.3)
    muscle_bio (0.5.0)
    pdf-core (0.9.0)
    prawn (2.4.0)
      pdf-core (~> 0.9.0)
      ttfunk (~> 1.7)
    prawn-table (0.2.2)
      prawn (>= 1.3.0, < 3.0.0)
    rake (13.0.1)
    rspec (3.8.0)
      rspec-core (~> 3.8.0)
      rspec-expectations (~> 3.8.0)
      rspec-mocks (~> 3.8.0)
    rspec-core (3.8.0)
      rspec-support (~> 3.8.0)
    rspec-expectations (3.8.3)
      diff-lcs (>= 1.2.0, < 2.0)
      rspec-support (~> 3.8.0)
    rspec-mocks (3.8.0)
      diff-lcs (>= 1.2.0, < 2.0)
      rspec-support (~> 3.8.0)
    rspec-support (3.8.0)
    ruby-rc4 (0.1.5)
    ttfunk (1.7.0)

PLATFORMS
  ruby

DEPENDENCIES
  bundler (~> 2.0)
  rake (~> 13.0)
  rspec (~> 3.0)
  viral_seq!

BUNDLED WITH
   2.1.4
