PATH
  remote: .
  specs:
    viral_seq (1.7.2)
      colorize (~> 0.1)
      combine_pdf (~> 1.0, >= 1.0.0)
      muscle_bio (= 0.4)
      prawn (~> 2.3, >= 2.3.0)
      prawn-table (~> 0.2, >= 0.2.0)

GEM
  remote: https://rubygems.org/
  specs:
    bigdecimal (3.1.7)
    colorize (0.8.1)
    combine_pdf (1.0.26)
      matrix
      ruby-rc4 (>= 0.1.5)
    diff-lcs (1.5.1)
    matrix (0.4.2)
    muscle_bio (0.4.0)
    pdf-core (0.10.0)
    prawn (2.5.0)
      matrix (~> 0.4)
      pdf-core (~> 0.10.0)
      ttfunk (~> 1.8)
    prawn-table (0.2.2)
      prawn (>= 1.3.0, < 3.0.0)
    rake (13.2.1)
    rspec (3.13.0)
      rspec-core (~> 3.13.0)
      rspec-expectations (~> 3.13.0)
      rspec-mocks (~> 3.13.0)
    rspec-core (3.13.0)
      rspec-support (~> 3.13.0)
    rspec-expectations (3.13.0)
      diff-lcs (>= 1.2.0, < 2.0)
      rspec-support (~> 3.13.0)
    rspec-mocks (3.13.0)
      diff-lcs (>= 1.2.0, < 2.0)
      rspec-support (~> 3.13.0)
    rspec-support (3.13.1)
    ruby-rc4 (0.1.5)
    ttfunk (1.8.0)
      bigdecimal (~> 3.1)

PLATFORMS
  ruby

DEPENDENCIES
  bundler (>= 2.5)
  rake (~> 13.0)
  rspec (~> 3.0)
  viral_seq!

BUNDLED WITH
   2.5.7
